GEM
  remote: https://rubygems.org/
  specs:
    mime-types (1.25)
    mini_portile (0.5.1)
    nokogiri (1.6.0)
      mini_portile (~> 0.5.0)
    rest-client (1.6.7)
      mime-types (>= 1.16)

PLATFORMS
  ruby

DEPENDENCIES
  nokogiri
  rest-client (~> 1.6.7)
